PATH
  remote: .
  specs:
    sidekiq (0.5.1)
      celluloid
      connection_pool
      multi_json
      redis
      redis-namespace

GEM
  remote: http://rubygems.org/
  specs:
    celluloid (0.8.0)
    connection_pool (0.1.0)
    minitest (2.11.1)
    multi_json (1.0.4)
    rake (0.9.2.2)
    redis (2.2.2)
    redis-namespace (1.1.0)
      redis (< 3.0.0)
    simplecov (0.5.4)
      multi_json (~> 1.0.3)
      simplecov-html (~> 0.5.3)
    simplecov-html (0.5.3)

PLATFORMS
  ruby

DEPENDENCIES
  minitest
  rake
  sidekiq!
  simplecov
